PATH
  remote: .
  specs:
    cycromatic (0.1.3)
      parser (~> 2.3)

GEM
  remote: https://rubygems.org/
  specs:
    ast (2.4.2)
    byebug (11.1.3)
    coderay (1.1.3)
    method_source (1.0.0)
    minitest (5.9.0)
    parser (2.7.2.0)
      ast (~> 2.4.1)
    pry (0.13.1)
      coderay (~> 1.1)
      method_source (~> 1.0)
    pry-byebug (3.9.0)
      byebug (~> 11.0)
      pry (~> 0.13.0)
    rake (10.5.0)

PLATFORMS
  ruby

DEPENDENCIES
  bundler (~> 1.12)
  cycromatic!
  minitest (~> 5.0)
  pry-byebug (~> 3.9)
  rake (~> 10.0)

BUNDLED WITH
   1.17.3
